GEM
  remote: https://rubygems.org/
  specs:

PLATFORMS
  ruby
  x86-mingw32

DEPENDENCIES
